GEM
  remote: https://rubygems.org/
  specs:
    addressable (2.4.0)
    digest-crc (0.4.1)
    faraday (0.9.2)
      multipart-post (>= 1.2, < 3)
    gcloud (0.12.2)
      digest-crc (~> 0.4)
      google-api-client (~> 0.9.11)
      google-protobuf (= 3.0.0.alpha.5.0.5.1)
      grpc (= 1.0.0.pre1)
      mime-types (>= 2.4, < 4.0)
      zonefile (~> 1.04)
    google-api-client (0.9.12)
      addressable (~> 2.3)
      googleauth (~> 0.5)
      httpclient (~> 2.7)
      hurley (~> 0.1)
      memoist (~> 0.11)
      mime-types (>= 1.6)
      representable (~> 2.3.0)
      retriable (~> 2.0)
      thor (~> 0.19)
    google-protobuf (3.0.0.alpha.5.0.5.1)
    googleauth (0.5.1)
      faraday (~> 0.9)
      jwt (~> 1.4)
      logging (~> 2.0)
      memoist (~> 0.12)
      multi_json (~> 1.11)
      os (~> 0.9)
      signet (~> 0.7)
    grpc (1.0.0.pre1)
      google-protobuf (~> 3.0.0.alpha.5.0.3)
      googleauth (~> 0.5.1)
    httpclient (2.8.2.2)
    hurley (0.2)
    jwt (1.5.4)
    little-plugger (1.1.4)
    logging (2.1.0)
      little-plugger (~> 1.1)
      multi_json (~> 1.10)
    memoist (0.15.0)
    mime-types (3.1)
      mime-types-data (~> 3.2015)
    mime-types-data (3.2016.0521)
    multi_json (1.12.1)
    multipart-post (2.0.0)
    os (0.9.6)
    representable (2.3.0)
      uber (~> 0.0.7)
    retriable (2.1.0)
    signet (0.7.3)
      addressable (~> 2.3)
      faraday (~> 0.9)
      jwt (~> 1.5)
      multi_json (~> 1.10)
    thor (0.19.1)
    uber (0.0.15)
    zonefile (1.04)

PLATFORMS
  ruby

DEPENDENCIES
  gcloud (~> 0.12.2)

BUNDLED WITH
   1.12.5
